GIT
  remote: https://github.com/bigfix/machinist.git
  revision: be28caa89f36251c66619ca721440459a3b7e219
  specs:
    machinist (1.0.6)

PATH
  remote: .
  specs:
    shared_gs (0.47)

GEM
  remote: http://rubygems.org/
  specs:
    backports (3.3.0)
    columnize (0.3.6)
    debugger (1.5.0)
      columnize (>= 0.3.1)
      debugger-linecache (~> 1.2.0)
      debugger-ruby_core_source (~> 1.2.0)
    debugger-linecache (1.2.0)
    debugger-ruby_core_source (1.2.0)
    eventmachine (1.0.3)
    faker (1.0.1)
      i18n (~> 0.4)
    flexmock (0.9.0)
    i18n (0.6.4)
    json (1.7.7)
    mail (2.5.4)
      mime-types (~> 1.16)
      treetop (~> 1.4.8)
    mime-types (1.23)
    minitest (4.7.5)
    polyglot (0.3.3)
    postmark (0.9.10)
    rack (1.5.2)
    rack-protection (1.5.0)
      rack
    rack-test (0.6.2)
      rack (>= 1.0)
    rack_csrf (2.4.0)
      rack (>= 0.9)
    redis (3.0.4)
    sequel (3.45.0)
    sinatra (1.4.2)
      rack (~> 1.5, >= 1.5.2)
      rack-protection (~> 1.4)
      tilt (~> 1.3, >= 1.3.4)
    sinatra-contrib (1.4.0)
      backports (>= 2.0)
      eventmachine
      rack-protection
      rack-test
      sinatra (~> 1.4.2)
      tilt (~> 1.3)
    tilt (1.4.0)
    timecop (0.6.1)
    treetop (1.4.14)
      polyglot
      polyglot (>= 0.3.1)
    tzinfo (1.0.1)
    yajl-ruby (1.1.0)

PLATFORMS
  ruby

DEPENDENCIES
  debugger (~> 1.5.0)
  faker
  flexmock
  i18n (~> 0.6.4)
  json
  machinist!
  mail (~> 2.5.4)
  minitest (~> 4.7.3)
  postmark
  rack (~> 1.5.0)
  rack_csrf (~> 2.4.0)
  redis (~> 3.0.4)
  sequel (~> 3.45.0)
  shared_gs!
  sinatra (~> 1.4.0)
  sinatra-contrib (~> 1.4.0)
  tilt (~> 1.4.0)
  timecop (~> 0.6.1)
  tzinfo (~> 1.0.1)
  yajl-ruby (~> 1.1.0)
