GIT
  remote: https://github.com/bigfix/machinist.git
  revision: be28caa89f36251c66619ca721440459a3b7e219
  specs:
    machinist (1.0.6)

GIT
  remote: https://github.com/rtomayko/tilt.git
  revision: 9a474c5dd9c3d37ff441cfcfe65932fd795acb7a
  branch: encodings
  specs:
    tilt (1.3.3)

PATH
  remote: .
  specs:
    shared_gs (0.0.29)

GEM
  remote: http://rubygems.org/
  specs:
    activesupport (3.2.5)
      i18n (~> 0.6)
      multi_json (~> 1.0)
    airbrake (3.1.0)
      activesupport
      builder
    archive-tar-minitar (0.5.2)
    backports (2.3.0)
    builder (3.0.0)
    columnize (0.3.6)
    eventmachine (0.12.10)
    faker (1.0.1)
      i18n (~> 0.4)
    flexmock (0.9.0)
    i18n (0.6.0)
    linecache19 (0.5.13)
      ruby_core_source (>= 0.1.4)
    mail (2.4.1)
      i18n (>= 0.4.0)
      mime-types (~> 1.16)
      treetop (~> 1.4.8)
    mime-types (1.18)
    minitest (3.0.1)
    multi_json (1.3.6)
    polyglot (0.3.3)
    postmark (0.9.10)
    rack (1.4.1)
    rack-protection (1.2.0)
      rack
    rack-test (0.6.1)
      rack (>= 1.0)
    rack_csrf (2.4.0)
      rack (>= 0.9)
    ruby-debug-base19 (0.11.26)
      columnize (>= 0.3.1)
      linecache19 (>= 0.5.11)
      ruby_core_source (>= 0.1.4)
    ruby-debug19 (0.11.6)
      columnize (>= 0.3.1)
      linecache19 (>= 0.5.11)
      ruby-debug-base19 (>= 0.11.19)
    ruby_core_source (0.1.5)
      archive-tar-minitar (>= 0.5.2)
    sequel (3.36.1)
    sinatra (1.3.2)
      rack (~> 1.3, >= 1.3.6)
      rack-protection (~> 1.2)
      tilt (~> 1.3, >= 1.3.3)
    sinatra-contrib (1.3.1)
      backports (>= 2.0)
      eventmachine
      rack-protection
      rack-test
      sinatra (~> 1.3.0)
      tilt (~> 1.3)
    timecop (0.3.5)
    treetop (1.4.10)
      polyglot
      polyglot (>= 0.3.1)

PLATFORMS
  ruby

DEPENDENCIES
  airbrake
  faker
  flexmock
  machinist!
  mail
  minitest
  postmark
  rack_csrf
  ruby-debug-base19 (= 0.11.26)
  ruby-debug19
  sequel
  shared_gs!
  sinatra (~> 1.3.0)
  sinatra-contrib (~> 1.3.0)
  tilt!
  timecop
