PATH
  remote: .
  specs:
    shared_gs (0.0.9)

GEM
  remote: http://rubygems.org/
  specs:

PLATFORMS
  ruby

DEPENDENCIES
  shared_gs!
